PATH
  remote: .
  specs:
    ri_cal (0.8.8p)

GEM
  remote: http://rubygems.org/
  specs:
    diff-lcs (1.1.3)
    rake (10.0.4)
    rspec (2.12.0)
      rspec-core (~> 2.12.0)
      rspec-expectations (~> 2.12.0)
      rspec-mocks (~> 2.12.0)
    rspec-core (2.12.2)
    rspec-expectations (2.12.1)
      diff-lcs (~> 1.1.3)
    rspec-mocks (2.12.2)
    tzinfo (0.3.37)

PLATFORMS
  ruby

DEPENDENCIES
  rake (~> 10.0.3)
  ri_cal!
  rspec (~> 2.12.0)
  tzinfo (~> 0.3.36)
